PATH
  remote: .
  specs:
    local_model (0.1.13)

GEM
  remote: https://rubygems.org/
  specs:
    coderay (1.1.3)
    diff-lcs (1.4.4)
    io-console (0.5.9)
    irb (1.3.5)
      reline (>= 0.1.5)
    method_source (1.0.0)
    pry (0.14.1)
      coderay (~> 1.1)
      method_source (~> 1.0)
    rake (13.0.3)
    reline (0.2.5)
      io-console (~> 0.5)
    rspec (3.10.0)
      rspec-core (~> 3.10.0)
      rspec-expectations (~> 3.10.0)
      rspec-mocks (~> 3.10.0)
    rspec-core (3.10.1)
      rspec-support (~> 3.10.0)
    rspec-expectations (3.10.1)
      diff-lcs (>= 1.2.0, < 2.0)
      rspec-support (~> 3.10.0)
    rspec-mocks (3.10.2)
      diff-lcs (>= 1.2.0, < 2.0)
      rspec-support (~> 3.10.0)
    rspec-support (3.10.2)
    thor (1.2.1)

PLATFORMS
  x86_64-linux

DEPENDENCIES
  bundler (~> 2.2)
  irb (~> 1.3)
  local_model!
  pry (~> 0.14.1)
  rake (~> 13.0)
  rspec (~> 3.10)
  thor (~> 1.2)

BUNDLED WITH
   2.3.14
